GEM
  remote: http://ruby.taobao.org/
  specs:
    archive-tar-minitar (0.5.2)
    asunit4 (4.2.3.pre)
    flashsdk (1.1.36.pre)
      sprout (>= 1.1.18.pre)
    open4 (1.3.0)
    rack (1.5.2)
    rack-protection (1.5.0)
      rack
    rake (10.0.4)
    robotlegs (1.3.0.6.pre)
      flashsdk (>= 1.0.21.pre)
    rubyzip (0.9.4)
    sinatra (1.4.2)
      rack (~> 1.5, >= 1.5.2)
      rack-protection (~> 1.4)
      tilt (~> 1.3, >= 1.3.4)
    slim (1.3.8)
      temple (~> 0.6.3)
      tilt (~> 1.3.3)
    sprout (1.1.18.pre)
      archive-tar-minitar (= 0.5.2)
      bundler (>= 0.9.19)
      open4 (>= 0.9.6)
      rake (>= 0.9.2)
      rubyzip (= 0.9.4)
    temple (0.6.3)
    tilt (1.3.7)

PLATFORMS
  ruby

DEPENDENCIES
  asunit4 (>= 4.2.2.pre)
  flashsdk (>= 1.0.13.pre)
  robotlegs (>= 1.3.0.5.pre)
  sinatra (~> 1.3)
  slim (~> 1.3)
